{
	"Modality": "MR",
	"MagneticFieldStrength": 3,
	"ImagingFrequency": 123.253105,
	"Manufacturer": "Siemens",
	"ManufacturersModelName": "MAGNETOM Prisma",
	"InstitutionName": "St. Josef-Hospital",
	"InstitutionalDepartmentName": "RUB",
	"InstitutionAddress": "Gudrunstrasse 56,Bochum,West,DE,44791",
	"DeviceSerialNumber": "166304",
	"StationName": "AWP166304",
	"BodyPart": "CSPINE",
	"PatientPosition": "HFS",
	"ProcedureStepDescription": "Kopf MS",
	"SoftwareVersions": "syngo MR XA30",
	"MRAcquisitionType": "2D",
	"StudyDescription": "Kopf MS",
	"SeriesDescription": "dwi_117_AP_noMB_MaMe",
	"ProtocolName": "dwi_117_AP_noMB_MaMe",
	"ScanningSequence": "EP",
	"SequenceVariant": "SK\\SS\\OSP",
	"ScanOptions": "PFP",
	"PulseSequenceName": "epse2d1_110",
	"ImageType": ["ORIGINAL", "PRIMARY", "DIFFUSION", "NONE", "MAGNITUDE"],
	"ImageTypeText": ["ORIGINAL", "PRIMARY", "DIFFUSION", "NONE", "ND"],
	"NonlinearGradientCorrection": false,
	"SeriesNumber": 33,
	"AcquisitionTime": "10:18:27.670000",
	"AcquisitionNumber": 1,
	"SliceThickness": 2,
	"SpacingBetweenSlices": 2,
	"TablePosition": [
		0,
		0,
		-31	],
	"EchoTime": 0.09,
	"RepetitionTime": 7.41,
	"MTState": false,
	"FlipAngle": 90,
	"PartialFourier": 0.75,
	"BaseResolution": 110,
	"ShimSetting": [
		-5041,
		-11381,
		-1779,
		502,
		-128,
		98,
		-90,
		100	],
	"DiffusionScheme": "Monopolar",
	"TxRefAmp": 268.201,
	"PhaseResolution": 1,
	"PhaseOversampling": 0.15,
	"ReceiveCoilName": "HeadNeck_64",
	"ReceiveCoilActiveElements": "HC1-6",
	"CoilString": "HeadNeck_64",
	"PulseSequenceDetails": "%CustomerSeq%\\cmrr_mbep2d_diff",
	"WipMemBlock": "9551dea9-a696-4bce-8bab-8e4fe3d7abe0||Sequence: R017 nxva30a/master r/e4e260217; Mar 27 2023 19:58:16 by eja",
	"RefLinesPE": 60,
	"CoilCombinationMethod": "Sum of Squares",
	"ConsistencyInfo": "63010001",
	"MatrixCoilMode": "GRAPPA",
	"PercentPhaseFOV": 100,
	"PercentSampling": 100,
	"EchoTrainLength": 32,
	"PartialFourierDirection": "PHASE",
	"PhaseEncodingSteps": 110,
	"FrequencyEncodingSteps": 110,
	"AcquisitionMatrixPE": 127,
	"ReconMatrixPE": 110,
	"BandwidthPerPixelPhaseEncode": 32.808,
	"ParallelReductionFactorInPlane": 3,
	"ParallelAcquisitionTechnique": "GRAPPA",
	"EffectiveEchoSpacing": 0.000277094,
	"DerivedVendorReportedEchoSpacing": 0.000722855,
	"AcquisitionDuration": 911.28,
	"TotalReadoutTime": 0.0302033,
	"PixelBandwidth": 1623,
	"DwellTime": 2.8e-06,
	"PhaseEncodingDirection": "j-",
	"SliceTiming": [
		3.695,
		0,
		3.8025,
		0.1075,
		3.9125,
		0.2175,
		4.02,
		0.325,
		4.13,
		0.435,
		4.2375,
		0.5425,
		4.345,
		0.6525,
		4.455,
		0.76,
		4.5625,
		0.87,
		4.6725,
		0.9775,
		4.78,
		1.085,
		4.89,
		1.195,
		4.9975,
		1.3025,
		5.1075,
		1.4125,
		5.215,
		1.52,
		5.325,
		1.63,
		5.4325,
		1.7375,
		5.5425,
		1.8475,
		5.65,
		1.955,
		5.76,
		2.065,
		5.8675,
		2.1725,
		5.9775,
		2.2825,
		6.085,
		2.39,
		6.1925,
		2.5,
		6.3025,
		2.6075,
		6.41,
		2.715,
		6.52,
		2.825,
		6.6275,
		2.9325,
		6.7375,
		3.0425,
		6.845,
		3.15,
		6.955,
		3.26,
		7.0625,
		3.3675,
		7.1725,
		3.4775,
		7.28,
		3.585	],
	"ImageOrientationPatientDICOM": [
		0.994343,
		0.0922645,
		-0.0526289,
		-0.0978466,
		0.98844,
		-0.115815	],
	"InPlanePhaseEncodingDirectionDICOM": "COL",
	"BidsGuess": ["dwi","_acq-epse2p3_dir-AP_run-33_dwi"],
	"ConversionSoftware": "dcm2niix",
	"ConversionSoftwareVersion": "v1.0.20241211"
}
