{
	"Modality": "MR",
	"MagneticFieldStrength": 3,
	"ImagingFrequency": 123.253105,
	"Manufacturer": "Siemens",
	"ManufacturersModelName": "MAGNETOM Prisma",
	"InstitutionName": "St. Josef-Hospital",
	"InstitutionalDepartmentName": "RUB",
	"InstitutionAddress": "Gudrunstrasse 56,Bochum,West,DE,44791",
	"DeviceSerialNumber": "166304",
	"StationName": "AWP166304",
	"BodyPart": "CSPINE",
	"PatientPosition": "HFS",
	"ProcedureStepDescription": "Kopf MS",
	"SoftwareVersions": "syngo MR XA30",
	"MRAcquisitionType": "2D",
	"StudyDescription": "Kopf MS",
	"SeriesDescription": "dwi_117_AP_MaMe",
	"ProtocolName": "dwi_117_AP_MaMe",
	"ScanningSequence": "EP",
	"SequenceVariant": "SK\\SS\\OSP",
	"ScanOptions": "PFP",
	"PulseSequenceName": "epse2d1_110",
	"ImageType": ["ORIGINAL", "PRIMARY", "DIFFUSION", "NONE", "MAGNITUDE"],
	"ImageTypeText": ["ORIGINAL", "PRIMARY", "DIFFUSION", "NONE", "MB", "ND"],
	"NonlinearGradientCorrection": false,
	"SeriesNumber": 32,
	"AcquisitionTime": "10:10:24.465000",
	"AcquisitionNumber": 1,
	"ImageComments": "Unaliased MB2/PE2",
	"SliceThickness": 2,
	"SpacingBetweenSlices": 2,
	"TablePosition": [
		0,
		0,
		-31	],
	"EchoTime": 0.09,
	"RepetitionTime": 3.8,
	"MTState": false,
	"FlipAngle": 90,
	"PartialFourier": 0.75,
	"BaseResolution": 110,
	"ShimSetting": [
		-5041,
		-11381,
		-1779,
		502,
		-128,
		98,
		-90,
		100	],
	"DiffusionScheme": "Monopolar",
	"TxRefAmp": 268.201,
	"PhaseResolution": 1,
	"PhaseOversampling": 0.15,
	"ReceiveCoilName": "HeadNeck_64",
	"ReceiveCoilActiveElements": "HC1-6",
	"CoilString": "HeadNeck_64",
	"PulseSequenceDetails": "%CustomerSeq%\\cmrr_mbep2d_diff",
	"WipMemBlock": "0d42af24-9a8e-4562-a678-85d15c765731||Sequence: R017 nxva30a/master r/e4e260217; Mar 27 2023 19:58:16 by eja",
	"RefLinesPE": 60,
	"CoilCombinationMethod": "Sum of Squares",
	"ConsistencyInfo": "63010001",
	"MatrixCoilMode": "GRAPPA",
	"MultibandAccelerationFactor": 2,
	"PercentPhaseFOV": 100,
	"PercentSampling": 100,
	"EchoTrainLength": 32,
	"PartialFourierDirection": "PHASE",
	"PhaseEncodingSteps": 110,
	"FrequencyEncodingSteps": 110,
	"AcquisitionMatrixPE": 127,
	"ReconMatrixPE": 110,
	"BandwidthPerPixelPhaseEncode": 32.808,
	"ParallelReductionFactorInPlane": 3,
	"ParallelAcquisitionTechnique": "GRAPPA",
	"EffectiveEchoSpacing": 0.000277094,
	"DerivedVendorReportedEchoSpacing": 0.000722855,
	"AcquisitionDuration": 501.667,
	"TotalReadoutTime": 0.0302033,
	"PixelBandwidth": 1623,
	"DwellTime": 2.8e-06,
	"PhaseEncodingDirection": "j-",
	"SliceTiming": [
		0,
		2.78,
		1.7775,
		0.7775,
		3.5575,
		2.5575,
		1.555,
		0.555,
		3.335,
		2.335,
		1.3325,
		0.3325,
		3.1125,
		2.1125,
		1.11,
		0.11,
		2.89,
		1.89,
		0.89,
		3.6675,
		2.6675,
		1.6675,
		0.6675,
		3.445,
		2.445,
		1.445,
		0.445,
		3.2225,
		2.2225,
		1.2225,
		0.2225,
		3,
		2,
		1,
		0,
		2.78,
		1.7775,
		0.7775,
		3.5575,
		2.5575,
		1.555,
		0.555,
		3.335,
		2.335,
		1.3325,
		0.3325,
		3.1125,
		2.1125,
		1.11,
		0.11,
		2.89,
		1.89,
		0.89,
		3.6675,
		2.6675,
		1.6675,
		0.6675,
		3.445,
		2.445,
		1.445,
		0.445,
		3.2225,
		2.2225,
		1.2225,
		0.2225,
		3,
		2,
		1	],
	"ImageOrientationPatientDICOM": [
		0.994343,
		0.0922645,
		-0.0526289,
		-0.0978466,
		0.98844,
		-0.115815	],
	"InPlanePhaseEncodingDirectionDICOM": "COL",
	"BidsGuess": ["dwi","_acq-epse2p3_dir-AP_run-32_dwi"],
	"ConversionSoftware": "dcm2niix",
	"ConversionSoftwareVersion": "v1.0.20241211"
}
